GEM
  remote: https://rubygems.org/
  specs:
    activesupport (4.1.5)
      i18n (~> 0.6, >= 0.6.9)
      json (~> 1.7, >= 1.7.7)
      minitest (~> 5.1)
      thread_safe (~> 0.1)
      tzinfo (~> 1.1)
    addressable (2.3.6)
    builder (3.0.4)
    byebug (3.1.2)
      columnize (~> 0.8)
      debugger-linecache (~> 1.2)
    columnize (0.8.9)
    crack (0.3.2)
    debugger-linecache (1.2.0)
    faraday (0.9.0)
      multipart-post (>= 1.2, < 3)
    happymapper (0.4.0)
      libxml-ruby (~> 2.0)
    i18n (0.6.11)
    json (1.7.7)
    libxml-ruby (2.6.0)
    mime-types (1.23)
    minitest (5.4.1)
    multipart-post (2.0.0)
    net-http-spy (0.2.1)
    nokogiri (1.5.9)
    nokogiri-happymapper (0.5.7)
      nokogiri (~> 1.5)
    octokit (3.1.0)
      sawyer (~> 0.5.3)
    pivotal-tracker (0.5.10)
      builder
      builder
      crack
      happymapper (>= 0.3.2)
      nokogiri (>= 1.4.3)
      nokogiri (>= 1.5.5)
      nokogiri-happymapper (>= 0.5.4)
      rest-client (~> 1.6.0)
      rest-client (~> 1.6.0)
    rest-client (1.6.7)
      mime-types (>= 1.16)
    sawyer (0.5.4)
      addressable (~> 2.3.5)
      faraday (~> 0.8, < 0.10)
    thor (0.19.1)
    thread_safe (0.3.4)
    tzinfo (1.2.2)
      thread_safe (~> 0.1)

PLATFORMS
  ruby

DEPENDENCIES
  activesupport
  byebug
  json (~> 1.7.7)
  net-http-spy
  octokit
  pivotal-tracker
  thor
